GEM
  remote: https://rubygems.org/
  specs:
    httpclient (2.8.3)
    json (2.7.1)
    macaddr (1.7.2)
      systemu (~> 2.6.5)
    openssl (3.2.0)
    systemu (2.6.5)
    uuid (2.3.9)
      macaddr (~> 1.0)

PLATFORMS
  arm64-darwin-23
  ruby

DEPENDENCIES
  httpclient
  json
  openssl
  uuid

BUNDLED WITH
   2.5.3
